GEM
  remote: http://rubygems.org/
  specs:
    nokogiri (1.4.3.1)
    progressbar (0.9.0)
    rake (0.8.7)
    rspec (1.3.0)

PLATFORMS
  ruby

DEPENDENCIES
  nokogiri (= 1.4.3.1)
  progressbar
  rake (= 0.8.7)
  rspec (= 1.3.0)
