PATH
  remote: .
  specs:
    border_patrol (0.1.0)
      nokogiri (= 1.4.3.1)

GEM
  remote: http://rubygems.org/
  specs:
    nokogiri (1.4.3.1)
    progressbar (0.9.0)
    rake (0.8.7)
    rspec (1.3.0)

PLATFORMS
  ruby

DEPENDENCIES
  border_patrol!
  progressbar
  rake
  rspec (~> 1.3.0)
